PATH
  remote: engines/admin
  specs:
    admin (0.1.0)
      rails (~> 6.1.7, >= 6.1.7.6)

PATH
  remote: engines/blog
  specs:
    blog (0.1.0)
      rails (~> 6.1.7, >= 6.1.7.6)

PATH
  remote: engines/book
  specs:
    book (0.1.0)
      rails (~> 6.1.7, >= 6.1.7.6)

PATH
  remote: packs/hoge
  specs:
    hoge (0.1.0)
      rails (~> 6.1.7, >= 6.1.7.6)

GEM
  remote: https://rubygems.org/
  specs:
    actioncable (6.1.7.6)
      actionpack (= 6.1.7.6)
      activesupport (= 6.1.7.6)
      nio4r (~> 2.0)
      websocket-driver (>= 0.6.1)
    actionmailbox (6.1.7.6)
      actionpack (= 6.1.7.6)
      activejob (= 6.1.7.6)
      activerecord (= 6.1.7.6)
      activestorage (= 6.1.7.6)
      activesupport (= 6.1.7.6)
      mail (>= 2.7.1)
    actionmailer (6.1.7.6)
      actionpack (= 6.1.7.6)
      actionview (= 6.1.7.6)
      activejob (= 6.1.7.6)
      activesupport (= 6.1.7.6)
      mail (~> 2.5, >= 2.5.4)
      rails-dom-testing (~> 2.0)
    actionpack (6.1.7.6)
      actionview (= 6.1.7.6)
      activesupport (= 6.1.7.6)
      rack (~> 2.0, >= 2.0.9)
      rack-test (>= 0.6.3)
      rails-dom-testing (~> 2.0)
      rails-html-sanitizer (~> 1.0, >= 1.2.0)
    actiontext (6.1.7.6)
      actionpack (= 6.1.7.6)
      activerecord (= 6.1.7.6)
      activestorage (= 6.1.7.6)
      activesupport (= 6.1.7.6)
      nokogiri (>= 1.8.5)
    actionview (6.1.7.6)
      activesupport (= 6.1.7.6)
      builder (~> 3.1)
      erubi (~> 1.4)
      rails-dom-testing (~> 2.0)
      rails-html-sanitizer (~> 1.1, >= 1.2.0)
    activejob (6.1.7.6)
      activesupport (= 6.1.7.6)
      globalid (>= 0.3.6)
    activemodel (6.1.7.6)
      activesupport (= 6.1.7.6)
    activerecord (6.1.7.6)
      activemodel (= 6.1.7.6)
      activesupport (= 6.1.7.6)
    activestorage (6.1.7.6)
      actionpack (= 6.1.7.6)
      activejob (= 6.1.7.6)
      activerecord (= 6.1.7.6)
      activesupport (= 6.1.7.6)
      marcel (~> 1.0)
      mini_mime (>= 1.1.0)
    activesupport (6.1.7.6)
      concurrent-ruby (~> 1.0, >= 1.0.2)
      i18n (>= 1.6, < 2)
      minitest (>= 5.1)
      tzinfo (~> 2.0)
      zeitwerk (~> 2.3)
    ast (2.4.2)
    better_html (2.0.2)
      actionview (>= 6.0)
      activesupport (>= 6.0)
      ast (~> 2.0)
      erubi (~> 1.4)
      parser (>= 2.4)
      smart_properties
    bootsnap (1.17.1)
      msgpack (~> 1.2)
    builder (3.2.4)
    byebug (11.1.3)
    code_ownership (1.36.1)
      code_teams (~> 1.0)
      packs-specification
      sorbet-runtime (>= 0.5.10821)
    code_teams (1.0.2)
      sorbet-runtime
    coderay (1.1.3)
    concurrent-ruby (1.2.3)
    constant_resolver (0.2.0)
    crass (1.0.6)
    date (3.3.4)
    erubi (1.12.0)
    ffi (1.16.3)
    globalid (1.2.1)
      activesupport (>= 6.1)
    google-protobuf (3.25.2-aarch64-linux)
    googleapis-common-protos-types (1.11.0)
      google-protobuf (~> 3.18)
    graphiql-rails (1.9.0)
      railties
      sprockets-rails
    graphql (2.2.7)
    graphql-batch (0.5.3)
      graphql (>= 1.12.18, < 3)
      promise.rb (~> 0.7.2)
    grpc (1.60.0-aarch64-linux)
      google-protobuf (~> 3.25)
      googleapis-common-protos-types (~> 1.0)
    grpc-tools (1.60.0)
    i18n (1.14.1)
      concurrent-ruby (~> 1.0)
    listen (3.8.0)
      rb-fsevent (~> 0.10, >= 0.10.3)
      rb-inotify (~> 0.9, >= 0.9.10)
    loofah (2.22.0)
      crass (~> 1.0.2)
      nokogiri (>= 1.12.0)
    mail (2.8.1)
      mini_mime (>= 0.1.1)
      net-imap
      net-pop
      net-smtp
    marcel (1.0.2)
    method_source (1.0.0)
    mini_mime (1.1.5)
    minitest (5.21.2)
    msgpack (1.7.2)
    mysql2 (0.5.5)
    net-imap (0.4.9.1)
      date
      net-protocol
    net-pop (0.1.2)
      net-protocol
    net-protocol (0.2.2)
      timeout
    net-smtp (0.4.0.1)
      net-protocol
    nio4r (2.7.0)
    nokogiri (1.16.0-aarch64-linux)
      racc (~> 1.4)
    packs (0.0.39)
      code_ownership (>= 1.33.0)
      packs-specification
      packwerk
      parse_packwerk (>= 0.22.0)
      rainbow
      sorbet-runtime
      thor
      tty-prompt
    packs-rails (0.0.5)
      activesupport
      packs
      railties
    packs-specification (0.0.10)
      sorbet-runtime
    packwerk (3.1.0)
      activesupport (>= 6.0)
      ast
      better_html
      bundler
      constant_resolver (>= 0.2.0)
      parallel
      parser
      sorbet-runtime (>= 0.5.9914)
      zeitwerk (>= 2.6.1)
    packwerk-extensions (0.1.9)
      packwerk (>= 2.2.1)
      railties (>= 6.0.0)
      sorbet-runtime
      zeitwerk
    parallel (1.24.0)
    parse_packwerk (0.22.0)
      sorbet-runtime
    parser (3.3.0.5)
      ast (~> 2.4.1)
      racc
    pastel (0.8.0)
      tty-color (~> 0.5)
    promise.rb (0.7.4)
    pry (0.14.2)
      coderay (~> 1.1)
      method_source (~> 1.0)
    pry-byebug (3.10.1)
      byebug (~> 11.0)
      pry (>= 0.13, < 0.15)
    pry-rails (0.3.9)
      pry (>= 0.10.4)
    puma (5.6.8)
      nio4r (~> 2.0)
    racc (1.7.3)
    rack (2.2.8)
    rack-test (2.1.0)
      rack (>= 1.3)
    rails (6.1.7.6)
      actioncable (= 6.1.7.6)
      actionmailbox (= 6.1.7.6)
      actionmailer (= 6.1.7.6)
      actionpack (= 6.1.7.6)
      actiontext (= 6.1.7.6)
      actionview (= 6.1.7.6)
      activejob (= 6.1.7.6)
      activemodel (= 6.1.7.6)
      activerecord (= 6.1.7.6)
      activestorage (= 6.1.7.6)
      activesupport (= 6.1.7.6)
      bundler (>= 1.15.0)
      railties (= 6.1.7.6)
      sprockets-rails (>= 2.0.0)
    rails-dom-testing (2.2.0)
      activesupport (>= 5.0.0)
      minitest
      nokogiri (>= 1.6)
    rails-html-sanitizer (1.6.0)
      loofah (~> 2.21)
      nokogiri (~> 1.14)
    railties (6.1.7.6)
      actionpack (= 6.1.7.6)
      activesupport (= 6.1.7.6)
      method_source
      rake (>= 12.2)
      thor (~> 1.0)
    rainbow (3.1.1)
    rake (13.1.0)
    rb-fsevent (0.11.2)
    rb-inotify (0.10.1)
      ffi (~> 1.0)
    smart_properties (1.17.0)
    sorbet-runtime (0.5.11221)
    spring (4.1.3)
    sprockets (4.2.1)
      concurrent-ruby (~> 1.0)
      rack (>= 2.2.4, < 4)
    sprockets-rails (3.4.2)
      actionpack (>= 5.2)
      activesupport (>= 5.2)
      sprockets (>= 3.0.0)
    thor (1.3.0)
    timeout (0.4.1)
    tty-color (0.6.0)
    tty-cursor (0.7.1)
    tty-prompt (0.23.1)
      pastel (~> 0.8)
      tty-reader (~> 0.8)
    tty-reader (0.9.0)
      tty-cursor (~> 0.7)
      tty-screen (~> 0.8)
      wisper (~> 2.0)
    tty-screen (0.8.2)
    tzinfo (2.0.6)
      concurrent-ruby (~> 1.0)
    websocket-driver (0.7.6)
      websocket-extensions (>= 0.1.0)
    websocket-extensions (0.1.5)
    wisper (2.0.1)
    zeitwerk (2.6.12)

PLATFORMS
  aarch64-linux

DEPENDENCIES
  admin!
  blog!
  book!
  bootsnap (>= 1.4.4)
  byebug
  graphiql-rails
  graphql (~> 2.2, >= 2.2.5)
  graphql-batch
  grpc
  grpc-tools
  hoge!
  listen (~> 3.3)
  mysql2 (~> 0.5)
  packs-rails
  packwerk
  packwerk-extensions
  pry-byebug
  pry-rails
  puma (~> 5.0)
  rails (~> 6.1.7, >= 6.1.7.6)
  spring
  tzinfo-data

RUBY VERSION
   ruby 3.2.0p0

BUNDLED WITH
   2.5.5
